GEM
  remote: https://rubygems.org/
  specs:
    itunes-library (0.1.1)
      plist
    json_pure (1.8.0)
    plist (3.1.0)

PLATFORMS
  ruby

DEPENDENCIES
  itunes-library
  json_pure
  plist
